GEM
  remote: https://rubygems.org/
  specs:
    faker (1.6.6)
      i18n (~> 0.5)
    i18n (0.7.0)
    sqlite3 (1.3.12)

PLATFORMS
  ruby

DEPENDENCIES
  faker
  sqlite3

BUNDLED WITH
   1.13.6
